GEM
  remote: https://rubygems.org/
  specs:
    action_cable_client (3.0.1)
      websocket-eventmachine-client (>= 1.2.0)
    coderay (1.1.2)
    eventmachine (1.2.7)
    method_source (0.9.2)
    pry (0.12.2)
      coderay (~> 1.1.0)
      method_source (~> 0.9.0)
    websocket (1.2.8)
    websocket-eventmachine-base (1.2.0)
      eventmachine (~> 1.0)
      websocket (~> 1.0)
      websocket-native (~> 1.0)
    websocket-eventmachine-client (1.2.0)
      websocket-eventmachine-base (~> 1.0)
    websocket-native (1.0.0)

PLATFORMS
  ruby

DEPENDENCIES
  action_cable_client
  pry

BUNDLED WITH
   1.16.3
